STORAGE: NONE
RESTRICTION: || (== net47) (== netcoreapp2.0)
NUGET
  remote: https://api.nuget.org/v3/index.json
    Argu (4.1)
      FSharp.Core (>= 3.1) - restriction: || (== net47) (&& (== netcoreapp2.0) (>= net40) (< netstandard2.0))
      FSharp.Core (>= 4.2.3) - restriction: || (&& (== net47) (>= netstandard2.0)) (== netcoreapp2.0)
      System.Configuration.ConfigurationManager (>= 4.4) - restriction: || (&& (== net47) (>= netstandard2.0)) (== netcoreapp2.0)
    Chessie (0.6)
      FSharp.Core  - restriction: || (== net47) (&& (== netcoreapp2.0) (< netstandard1.6))
      FSharp.Core (>= 4.0.1.7-alpha) - restriction: || (&& (== net47) (>= netstandard1.6)) (== netcoreapp2.0)
      NETStandard.Library (>= 1.6) - restriction: || (&& (== net47) (>= netstandard1.6)) (== netcoreapp2.0)
    FParsec (1.0.3)
      FSharp.Core (>= 4.0.0.1) - restriction: || (== net47) (&& (== netcoreapp2.0) (>= net40))
      FSharp.Core (>= 4.2.3) - restriction: || (&& (== net47) (< net40) (>= netstandard1.6)) (== netcoreapp2.0)
      NETStandard.Library (>= 1.6.1) - restriction: || (&& (== net47) (< net40) (>= netstandard1.6)) (== netcoreapp2.0)
    FSharp.Core (4.2.3)
      System.Collections (>= 4.0.11) - restriction: || (&& (== net47) (< net45) (>= netstandard1.6)) (== netcoreapp2.0)
      System.Console (>= 4.0) - restriction: || (&& (== net47) (< net45) (>= netstandard1.6)) (== netcoreapp2.0)
      System.Diagnostics.Debug (>= 4.0.11) - restriction: || (&& (== net47) (< net45) (>= netstandard1.6)) (== netcoreapp2.0)
      System.Diagnostics.Tools (>= 4.0.1) - restriction: || (&& (== net47) (< net45) (>= netstandard1.6)) (== netcoreapp2.0)
      System.Globalization (>= 4.0.11) - restriction: || (&& (== net47) (< net45) (>= netstandard1.6)) (== netcoreapp2.0)
      System.IO (>= 4.1) - restriction: || (&& (== net47) (< net45) (>= netstandard1.6)) (== netcoreapp2.0)
      System.Linq (>= 4.1) - restriction: || (&& (== net47) (< net45) (>= netstandard1.6)) (== netcoreapp2.0)
      System.Linq.Expressions (>= 4.1) - restriction: || (&& (== net47) (< net45) (>= netstandard1.6)) (== netcoreapp2.0)
      System.Linq.Queryable (>= 4.0.1) - restriction: || (&& (== net47) (< net45) (>= netstandard1.6)) (== netcoreapp2.0)
      System.Net.Requests (>= 4.0.11) - restriction: || (&& (== net47) (< net45) (>= netstandard1.6)) (== netcoreapp2.0)
      System.Reflection (>= 4.1) - restriction: || (&& (== net47) (< net45) (>= netstandard1.6)) (== netcoreapp2.0)
      System.Reflection.Extensions (>= 4.0.1) - restriction: || (&& (== net47) (< net45) (>= netstandard1.6)) (== netcoreapp2.0)
      System.Resources.ResourceManager (>= 4.0.1) - restriction: || (&& (== net47) (< net45) (>= netstandard1.6)) (== netcoreapp2.0)
      System.Runtime (>= 4.1) - restriction: || (&& (== net47) (< net45) (>= netstandard1.6)) (== netcoreapp2.0)
      System.Runtime.Extensions (>= 4.1) - restriction: || (&& (== net47) (< net45) (>= netstandard1.6)) (== netcoreapp2.0)
      System.Runtime.Numerics (>= 4.0.1) - restriction: || (&& (== net47) (< net45) (>= netstandard1.6)) (== netcoreapp2.0)
      System.Text.RegularExpressions (>= 4.1) - restriction: || (&& (== net47) (< net45) (>= netstandard1.6)) (== netcoreapp2.0)
      System.Threading (>= 4.0.11) - restriction: || (&& (== net47) (< net45) (>= netstandard1.6)) (== netcoreapp2.0)
      System.Threading.Tasks (>= 4.0.11) - restriction: || (&& (== net47) (< net45) (>= netstandard1.6)) (== netcoreapp2.0)
      System.Threading.Tasks.Parallel (>= 4.0.1) - restriction: || (&& (== net47) (< net45) (>= netstandard1.6)) (== netcoreapp2.0)
      System.Threading.Thread (>= 4.0) - restriction: || (&& (== net47) (< net45) (>= netstandard1.6)) (== netcoreapp2.0)
      System.Threading.ThreadPool (>= 4.0.10) - restriction: || (&& (== net47) (< net45) (>= netstandard1.6)) (== netcoreapp2.0)
      System.Threading.Timer (>= 4.0.1) - restriction: || (&& (== net47) (< net45) (>= netstandard1.6)) (== netcoreapp2.0)
    Microsoft.CodeAnalysis.Analyzers (1.1)
    Microsoft.CodeAnalysis.Common (2.6.1)
      Microsoft.CodeAnalysis.Analyzers (>= 1.1)
      System.AppContext (>= 4.3)
      System.Collections (>= 4.3)
      System.Collections.Concurrent (>= 4.3)
      System.Collections.Immutable (>= 1.3.1)
      System.Console (>= 4.3)
      System.Diagnostics.Debug (>= 4.3)
      System.Diagnostics.FileVersionInfo (>= 4.3)
      System.Diagnostics.StackTrace (>= 4.3)
      System.Diagnostics.Tools (>= 4.3)
      System.Dynamic.Runtime (>= 4.3)
      System.Globalization (>= 4.3)
      System.IO.Compression (>= 4.3)
      System.IO.FileSystem (>= 4.3)
      System.IO.FileSystem.Primitives (>= 4.3)
      System.Linq (>= 4.3)
      System.Linq.Expressions (>= 4.3)
      System.Reflection (>= 4.3)
      System.Reflection.Metadata (>= 1.4.2)
      System.Resources.ResourceManager (>= 4.3)
      System.Runtime (>= 4.3)
      System.Runtime.Extensions (>= 4.3)
      System.Runtime.InteropServices (>= 4.3)
      System.Runtime.Numerics (>= 4.3)
      System.Security.Cryptography.Algorithms (>= 4.3)
      System.Security.Cryptography.Encoding (>= 4.3)
      System.Security.Cryptography.X509Certificates (>= 4.3)
      System.Text.Encoding (>= 4.3)
      System.Text.Encoding.CodePages (>= 4.3)
      System.Text.Encoding.Extensions (>= 4.3)
      System.Threading (>= 4.3)
      System.Threading.Tasks (>= 4.3)
      System.Threading.Tasks.Parallel (>= 4.3)
      System.Threading.Thread (>= 4.3)
      System.ValueTuple (>= 4.3)
      System.Xml.ReaderWriter (>= 4.3)
      System.Xml.XDocument (>= 4.3)
      System.Xml.XmlDocument (>= 4.3)
      System.Xml.XPath.XDocument (>= 4.3)
    Microsoft.CodeAnalysis.CSharp (2.6.1)
      Microsoft.CodeAnalysis.Common (2.6.1)
    Microsoft.NETCore.Platforms (2.0.1)
    Microsoft.NETCore.Targets (2.0) - restriction: || (&& (== net47) (>= dnxcore50)) (&& (== net47) (< net45)) (&& (== net47) (< net46)) (&& (== net47) (>= netcoreapp1.1)) (&& (== net47) (< netstandard1.1) (>= netstandard1.6)) (== netcoreapp2.0)
    NETStandard.Library (2.0.1)
      Microsoft.NETCore.Platforms (>= 1.1)
    runtime.debian.8-x64.runtime.native.System.Security.Cryptography.OpenSsl (4.3.2) - restriction: || (&& (== net47) (< net46) (>= netstandard1.6)) (== netcoreapp2.0)
    runtime.fedora.23-x64.runtime.native.System.Security.Cryptography.OpenSsl (4.3.2) - restriction: || (&& (== net47) (< net46) (>= netstandard1.6)) (== netcoreapp2.0)
    runtime.fedora.24-x64.runtime.native.System.Security.Cryptography.OpenSsl (4.3.2) - restriction: || (&& (== net47) (< net46) (>= netstandard1.6)) (== netcoreapp2.0)
    runtime.native.System (4.3) - restriction: || (&& (== net47) (< net45)) (&& (== net47) (< net46) (>= netstandard1.6)) (== netcoreapp2.0)
      Microsoft.NETCore.Platforms (>= 1.1)
      Microsoft.NETCore.Targets (>= 1.1)
    runtime.native.System.IO.Compression (4.3.1) - restriction: || (&& (== net47) (>= dnxcore50)) (&& (== net47) (< net45)) (== netcoreapp2.0)
      Microsoft.NETCore.Platforms (>= 1.1)
      Microsoft.NETCore.Targets (>= 1.1.1)
    runtime.native.System.Net.Http (4.3) - restriction: || (&& (== net47) (>= dnxcore50) (>= netstandard1.6)) (&& (== net47) (< net45) (>= netstandard1.6)) (&& (== net47) (< net46) (>= netstandard1.6)) (== netcoreapp2.0)
      Microsoft.NETCore.Platforms (>= 1.1)
      Microsoft.NETCore.Targets (>= 1.1)
    runtime.native.System.Security.Cryptography.Apple (4.3.1) - restriction: || (&& (== net47) (< net46) (>= netstandard1.6)) (== netcoreapp2.0)
      runtime.osx.10.10-x64.runtime.native.System.Security.Cryptography.Apple (>= 4.3.1)
    runtime.native.System.Security.Cryptography.OpenSsl (4.3.2) - restriction: || (&& (== net47) (< net46)) (== netcoreapp2.0)
      runtime.debian.8-x64.runtime.native.System.Security.Cryptography.OpenSsl (>= 4.3.2)
      runtime.fedora.23-x64.runtime.native.System.Security.Cryptography.OpenSsl (>= 4.3.2)
      runtime.fedora.24-x64.runtime.native.System.Security.Cryptography.OpenSsl (>= 4.3.2)
      runtime.opensuse.13.2-x64.runtime.native.System.Security.Cryptography.OpenSsl (>= 4.3.2)
      runtime.opensuse.42.1-x64.runtime.native.System.Security.Cryptography.OpenSsl (>= 4.3.2)
      runtime.osx.10.10-x64.runtime.native.System.Security.Cryptography.OpenSsl (>= 4.3.2)
      runtime.rhel.7-x64.runtime.native.System.Security.Cryptography.OpenSsl (>= 4.3.2)
      runtime.ubuntu.14.04-x64.runtime.native.System.Security.Cryptography.OpenSsl (>= 4.3.2)
      runtime.ubuntu.16.04-x64.runtime.native.System.Security.Cryptography.OpenSsl (>= 4.3.2)
      runtime.ubuntu.16.10-x64.runtime.native.System.Security.Cryptography.OpenSsl (>= 4.3.2)
    runtime.opensuse.13.2-x64.runtime.native.System.Security.Cryptography.OpenSsl (4.3.2) - restriction: || (&& (== net47) (< net46) (>= netstandard1.6)) (== netcoreapp2.0)
    runtime.opensuse.42.1-x64.runtime.native.System.Security.Cryptography.OpenSsl (4.3.2) - restriction: || (&& (== net47) (< net46) (>= netstandard1.6)) (== netcoreapp2.0)
    runtime.osx.10.10-x64.runtime.native.System.Security.Cryptography.Apple (4.3.1) - restriction: || (&& (== net47) (< net46) (>= netstandard1.6)) (== netcoreapp2.0)
    runtime.osx.10.10-x64.runtime.native.System.Security.Cryptography.OpenSsl (4.3.2) - restriction: || (&& (== net47) (< net46) (>= netstandard1.6)) (== netcoreapp2.0)
    runtime.rhel.7-x64.runtime.native.System.Security.Cryptography.OpenSsl (4.3.2) - restriction: || (&& (== net47) (< net46) (>= netstandard1.6)) (== netcoreapp2.0)
    runtime.ubuntu.14.04-x64.runtime.native.System.Security.Cryptography.OpenSsl (4.3.2) - restriction: || (&& (== net47) (< net46) (>= netstandard1.6)) (== netcoreapp2.0)
    runtime.ubuntu.16.04-x64.runtime.native.System.Security.Cryptography.OpenSsl (4.3.2) - restriction: || (&& (== net47) (< net46) (>= netstandard1.6)) (== netcoreapp2.0)
    runtime.ubuntu.16.10-x64.runtime.native.System.Security.Cryptography.OpenSsl (4.3.2) - restriction: || (&& (== net47) (< net46) (>= netstandard1.6)) (== netcoreapp2.0)
    System.AppContext (4.3)
      System.Runtime (>= 4.3) - restriction: || (&& (== net47) (>= dnxcore50)) (&& (== net47) (< net46)) (== netcoreapp2.0)
    System.Buffers (4.4) - restriction: || (&& (== net47) (>= dnxcore50)) (&& (== net47) (< net45)) (== netcoreapp2.0)
    System.Collections (4.3)
      Microsoft.NETCore.Platforms (>= 1.1) - restriction: || (&& (== net47) (>= dnxcore50)) (&& (== net47) (< net45)) (== netcoreapp2.0)
      Microsoft.NETCore.Targets (>= 1.1) - restriction: || (&& (== net47) (>= dnxcore50)) (&& (== net47) (< net45)) (== netcoreapp2.0)
      System.Runtime (>= 4.3) - restriction: || (&& (== net47) (>= dnxcore50)) (&& (== net47) (< net45)) (== netcoreapp2.0)
    System.Collections.Concurrent (4.3)
      System.Collections (>= 4.3) - restriction: || (&& (== net47) (>= dnxcore50)) (&& (== net47) (< net45)) (== netcoreapp2.0)
      System.Diagnostics.Debug (>= 4.3) - restriction: || (&& (== net47) (>= dnxcore50)) (&& (== net47) (< net45)) (== netcoreapp2.0)
      System.Diagnostics.Tracing (>= 4.3) - restriction: || (&& (== net47) (>= dnxcore50)) (&& (== net47) (< net45)) (== netcoreapp2.0)
      System.Globalization (>= 4.3) - restriction: || (&& (== net47) (>= dnxcore50)) (&& (== net47) (< net45)) (== netcoreapp2.0)
      System.Reflection (>= 4.3) - restriction: || (&& (== net47) (< net45)) (== netcoreapp2.0)
      System.Resources.ResourceManager (>= 4.3) - restriction: || (&& (== net47) (>= dnxcore50)) (&& (== net47) (< net45)) (== netcoreapp2.0)
      System.Runtime (>= 4.3) - restriction: || (&& (== net47) (>= dnxcore50)) (&& (== net47) (< net45)) (== netcoreapp2.0)
      System.Runtime.Extensions (>= 4.3) - restriction: || (&& (== net47) (>= dnxcore50)) (&& (== net47) (< net45)) (== netcoreapp2.0)
      System.Threading (>= 4.3) - restriction: || (&& (== net47) (>= dnxcore50)) (&& (== net47) (< net45)) (== netcoreapp2.0)
      System.Threading.Tasks (>= 4.3) - restriction: || (&& (== net47) (>= dnxcore50)) (&& (== net47) (< net45)) (== netcoreapp2.0)
    System.Collections.Immutable (1.4)
      NETStandard.Library (>= 1.6.1) - restriction: || (== net47) (&& (== netcoreapp2.0) (< netstandard2.0))
    System.Configuration.ConfigurationManager (4.4.1) - restriction: || (&& (== net47) (>= netstandard2.0)) (== netcoreapp2.0)
      System.Security.Cryptography.ProtectedData (>= 4.4) - restriction: || (&& (== net47) (< net461) (>= netstandard2.0)) (&& (== net47) (>= netcoreapp2.0)) (== netcoreapp2.0)
    System.Console (4.3)
      Microsoft.NETCore.Platforms (>= 1.1) - restriction: || (&& (== net47) (< net46)) (== netcoreapp2.0)
      Microsoft.NETCore.Targets (>= 1.1) - restriction: || (&& (== net47) (< net46)) (== netcoreapp2.0)
      System.IO (>= 4.3) - restriction: || (&& (== net47) (< net46)) (== netcoreapp2.0)
      System.Runtime (>= 4.3) - restriction: || (&& (== net47) (< net46)) (== netcoreapp2.0)
      System.Text.Encoding (>= 4.3) - restriction: || (&& (== net47) (< net46)) (== netcoreapp2.0)
    System.Diagnostics.Debug (4.3)
      Microsoft.NETCore.Platforms (>= 1.1) - restriction: || (&& (== net47) (>= dnxcore50)) (&& (== net47) (< net45)) (== netcoreapp2.0)
      Microsoft.NETCore.Targets (>= 1.1) - restriction: || (&& (== net47) (>= dnxcore50)) (&& (== net47) (< net45)) (== netcoreapp2.0)
      System.Runtime (>= 4.3) - restriction: || (&& (== net47) (>= dnxcore50)) (&& (== net47) (< net45)) (== netcoreapp2.0)
    System.Diagnostics.DiagnosticSource (4.4.1) - restriction: || (&& (== net47) (>= dnxcore50) (>= netstandard1.6)) (&& (== net47) (< net45) (>= netstandard1.6)) (== netcoreapp2.0)
    System.Diagnostics.FileVersionInfo (4.3)
      Microsoft.NETCore.Platforms (>= 1.1) - restriction: || (&& (== net47) (>= dnxcore50)) (&& (== net47) (< net46)) (== netcoreapp2.0)
      System.Globalization (>= 4.3) - restriction: || (&& (== net47) (< net46)) (== netcoreapp2.0)
      System.IO (>= 4.3) - restriction: || (&& (== net47) (>= dnxcore50)) (&& (== net47) (< net46)) (== netcoreapp2.0)
      System.IO.FileSystem (>= 4.3) - restriction: || (&& (== net47) (>= dnxcore50)) (&& (== net47) (< net46)) (== netcoreapp2.0)
      System.IO.FileSystem.Primitives (>= 4.3) - restriction: || (&& (== net47) (>= dnxcore50)) (&& (== net47) (< net46)) (== netcoreapp2.0)
      System.Reflection.Metadata (>= 1.4.1) - restriction: || (&& (== net47) (>= dnxcore50)) (&& (== net47) (< net46)) (== netcoreapp2.0)
      System.Runtime (>= 4.3) - restriction: || (&& (== net47) (>= dnxcore50)) (&& (== net47) (< net46)) (== netcoreapp2.0)
      System.Runtime.Extensions (>= 4.3) - restriction: || (&& (== net47) (>= dnxcore50)) (&& (== net47) (< net46)) (== netcoreapp2.0)
      System.Runtime.InteropServices (>= 4.3) - restriction: || (&& (== net47) (< net46)) (== netcoreapp2.0)
    System.Diagnostics.StackTrace (4.3)
      System.IO.FileSystem (>= 4.3) - restriction: || (&& (== net47) (< net46)) (== netcoreapp2.0)
      System.Reflection (>= 4.3) - restriction: || (&& (== net47) (< net46)) (== netcoreapp2.0)
      System.Reflection.Metadata (>= 1.4.1) - restriction: || (&& (== net47) (< net46)) (== netcoreapp2.0)
      System.Runtime (>= 4.3) - restriction: || (&& (== net47) (< net46)) (== netcoreapp2.0)
    System.Diagnostics.Tools (4.3)
      Microsoft.NETCore.Platforms (>= 1.1) - restriction: || (&& (== net47) (>= dnxcore50)) (&& (== net47) (< net45)) (== netcoreapp2.0)
      Microsoft.NETCore.Targets (>= 1.1) - restriction: || (&& (== net47) (>= dnxcore50)) (&& (== net47) (< net45)) (== netcoreapp2.0)
      System.Runtime (>= 4.3) - restriction: || (&& (== net47) (>= dnxcore50)) (&& (== net47) (< net45)) (== netcoreapp2.0)
    System.Diagnostics.Tracing (4.3) - restriction: || (&& (== net47) (>= dnxcore50)) (&& (== net47) (< net45)) (== netcoreapp2.0)
      Microsoft.NETCore.Platforms (>= 1.1) - restriction: || (&& (== net47) (>= dnxcore50)) (&& (== net47) (< net45)) (== netcoreapp2.0)
      Microsoft.NETCore.Targets (>= 1.1) - restriction: || (&& (== net47) (>= dnxcore50)) (&& (== net47) (< net45)) (== netcoreapp2.0)
      System.Runtime (>= 4.3) - restriction: || (&& (== net47) (>= dnxcore50)) (&& (== net47) (< net45)) (== netcoreapp2.0)
    System.Dynamic.Runtime (4.3)
      System.Collections (>= 4.3) - restriction: || (&& (== net47) (>= dnxcore50)) (&& (== net47) (< net45)) (== netcoreapp2.0)
      System.Diagnostics.Debug (>= 4.3) - restriction: || (&& (== net47) (>= dnxcore50)) (&& (== net47) (< net45)) (== netcoreapp2.0)
      System.Linq (>= 4.3) - restriction: || (&& (== net47) (>= dnxcore50)) (&& (== net47) (< net45)) (== netcoreapp2.0)
      System.Linq.Expressions (>= 4.3) - restriction: || (&& (== net47) (>= dnxcore50)) (&& (== net47) (< net45)) (== netcoreapp2.0)
      System.ObjectModel (>= 4.3) - restriction: || (&& (== net47) (>= dnxcore50)) (&& (== net47) (< net45)) (== netcoreapp2.0)
      System.Reflection (>= 4.3) - restriction: || (&& (== net47) (>= dnxcore50)) (&& (== net47) (< net45)) (== netcoreapp2.0)
      System.Reflection.Emit (>= 4.3) - restriction: || (&& (== net47) (< net45)) (== netcoreapp2.0)
      System.Reflection.Emit.ILGeneration (>= 4.3) - restriction: || (&& (== net47) (< net45)) (== netcoreapp2.0)
      System.Reflection.Primitives (>= 4.3) - restriction: || (&& (== net47) (< net45)) (== netcoreapp2.0)
      System.Reflection.TypeExtensions (>= 4.3) - restriction: || (&& (== net47) (>= dnxcore50)) (&& (== net47) (< net45)) (== netcoreapp2.0)
      System.Resources.ResourceManager (>= 4.3) - restriction: || (&& (== net47) (>= dnxcore50)) (&& (== net47) (< net45)) (== netcoreapp2.0)
      System.Runtime (>= 4.3) - restriction: || (&& (== net47) (>= dnxcore50)) (&& (== net47) (< net45)) (== netcoreapp2.0)
      System.Runtime.Extensions (>= 4.3) - restriction: || (&& (== net47) (>= dnxcore50)) (&& (== net47) (< net45)) (== netcoreapp2.0)
      System.Threading (>= 4.3) - restriction: || (&& (== net47) (>= dnxcore50)) (&& (== net47) (< net45)) (== netcoreapp2.0)
    System.Globalization (4.3)
      Microsoft.NETCore.Platforms (>= 1.1) - restriction: || (&& (== net47) (>= dnxcore50)) (&& (== net47) (< net45)) (== netcoreapp2.0)
      Microsoft.NETCore.Targets (>= 1.1) - restriction: || (&& (== net47) (>= dnxcore50)) (&& (== net47) (< net45)) (== netcoreapp2.0)
      System.Runtime (>= 4.3) - restriction: || (&& (== net47) (>= dnxcore50)) (&& (== net47) (< net45)) (== netcoreapp2.0)
    System.Globalization.Calendars (4.3) - restriction: || (&& (== net47) (>= dnxcore50)) (&& (== net47) (< net46) (>= netstandard1.6)) (== netcoreapp2.0)
      Microsoft.NETCore.Platforms (>= 1.1) - restriction: || (&& (== net47) (< net46)) (== netcoreapp2.0)
      Microsoft.NETCore.Targets (>= 1.1) - restriction: || (&& (== net47) (< net46)) (== netcoreapp2.0)
      System.Globalization (>= 4.3) - restriction: || (&& (== net47) (< net46)) (== netcoreapp2.0)
      System.Runtime (>= 4.3) - restriction: || (&& (== net47) (< net46)) (== netcoreapp2.0)
    System.Globalization.Extensions (4.3) - restriction: || (&& (== net47) (>= dnxcore50) (>= netstandard1.6)) (&& (== net47) (< net45) (>= netstandard1.6)) (== netcoreapp2.0)
      Microsoft.NETCore.Platforms (>= 1.1) - restriction: || (&& (== net47) (< net46)) (== netcoreapp2.0)
      System.Globalization (>= 4.3) - restriction: || (&& (== net47) (< net46)) (== netcoreapp2.0)
      System.Resources.ResourceManager (>= 4.3) - restriction: || (&& (== net47) (< net46)) (== netcoreapp2.0)
      System.Runtime (>= 4.3) - restriction: || (&& (== net47) (< net46)) (== netcoreapp2.0)
      System.Runtime.Extensions (>= 4.3) - restriction: || (&& (== net47) (< net46)) (== netcoreapp2.0)
      System.Runtime.InteropServices (>= 4.3) - restriction: || (&& (== net47) (< net46)) (== netcoreapp2.0)
    System.IO (4.3)
      Microsoft.NETCore.Platforms (>= 1.1) - restriction: || (&& (== net47) (>= dnxcore50)) (&& (== net47) (< net45)) (== netcoreapp2.0)
      Microsoft.NETCore.Targets (>= 1.1) - restriction: || (&& (== net47) (>= dnxcore50)) (&& (== net47) (< net45)) (== netcoreapp2.0)
      System.Runtime (>= 4.3) - restriction: || (&& (== net47) (>= dnxcore50)) (&& (== net47) (< net45)) (== netcoreapp2.0)
      System.Text.Encoding (>= 4.3) - restriction: || (&& (== net47) (>= dnxcore50)) (&& (== net47) (< net45)) (== netcoreapp2.0)
      System.Threading.Tasks (>= 4.3) - restriction: || (&& (== net47) (>= dnxcore50)) (&& (== net47) (< net45)) (== netcoreapp2.0)
    System.IO.Compression (4.3)
      Microsoft.NETCore.Platforms (>= 1.1) - restriction: || (&& (== net47) (< net45)) (== netcoreapp2.0)
      runtime.native.System (>= 4.3) - restriction: || (&& (== net47) (< net45)) (== netcoreapp2.0)
      runtime.native.System.IO.Compression (>= 4.3) - restriction: || (&& (== net47) (>= dnxcore50)) (&& (== net47) (< net45)) (== netcoreapp2.0)
      System.Buffers (>= 4.3) - restriction: || (&& (== net47) (>= dnxcore50)) (&& (== net47) (< net45)) (== netcoreapp2.0)
      System.Collections (>= 4.3) - restriction: || (&& (== net47) (>= dnxcore50)) (&& (== net47) (< net45)) (== netcoreapp2.0)
      System.Diagnostics.Debug (>= 4.3) - restriction: || (&& (== net47) (>= dnxcore50)) (&& (== net47) (< net45)) (== netcoreapp2.0)
      System.IO (>= 4.3) - restriction: || (&& (== net47) (>= dnxcore50)) (&& (== net47) (< net45)) (== netcoreapp2.0)
      System.Resources.ResourceManager (>= 4.3) - restriction: || (&& (== net47) (>= dnxcore50)) (&& (== net47) (< net45)) (== netcoreapp2.0)
      System.Runtime (>= 4.3) - restriction: || (&& (== net47) (>= dnxcore50)) (&& (== net47) (< net45)) (== netcoreapp2.0)
      System.Runtime.Extensions (>= 4.3) - restriction: || (&& (== net47) (>= dnxcore50)) (&& (== net47) (< net45)) (== netcoreapp2.0)
      System.Runtime.Handles (>= 4.3) - restriction: || (&& (== net47) (>= dnxcore50)) (&& (== net47) (< net45)) (== netcoreapp2.0)
      System.Runtime.InteropServices (>= 4.3) - restriction: || (&& (== net47) (>= dnxcore50)) (&& (== net47) (< net45)) (== netcoreapp2.0)
      System.Text.Encoding (>= 4.3) - restriction: || (&& (== net47) (>= dnxcore50)) (&& (== net47) (< net45)) (== netcoreapp2.0)
      System.Threading (>= 4.3) - restriction: || (&& (== net47) (>= dnxcore50)) (&& (== net47) (< net45)) (== netcoreapp2.0)
      System.Threading.Tasks (>= 4.3) - restriction: || (&& (== net47) (>= dnxcore50)) (&& (== net47) (< net45)) (== netcoreapp2.0)
    System.IO.FileSystem (4.3)
      Microsoft.NETCore.Platforms (>= 1.1) - restriction: || (&& (== net47) (< net46)) (== netcoreapp2.0)
      Microsoft.NETCore.Targets (>= 1.1) - restriction: || (&& (== net47) (< net46)) (== netcoreapp2.0)
      System.IO (>= 4.3) - restriction: || (&& (== net47) (< net46)) (== netcoreapp2.0)
      System.IO.FileSystem.Primitives (>= 4.3)
      System.Runtime (>= 4.3) - restriction: || (&& (== net47) (< net46)) (== netcoreapp2.0)
      System.Runtime.Handles (>= 4.3) - restriction: || (&& (== net47) (< net46)) (== netcoreapp2.0)
      System.Text.Encoding (>= 4.3) - restriction: || (&& (== net47) (< net46)) (== netcoreapp2.0)
      System.Threading.Tasks (>= 4.3) - restriction: || (&& (== net47) (< net46)) (== netcoreapp2.0)
    System.IO.FileSystem.Primitives (4.3)
      System.Runtime (>= 4.3) - restriction: || (&& (== net47) (< net46)) (== netcoreapp2.0)
    System.Linq (4.3)
      System.Collections (>= 4.3) - restriction: || (&& (== net47) (>= dnxcore50)) (&& (== net47) (< net45)) (== netcoreapp2.0)
      System.Diagnostics.Debug (>= 4.3) - restriction: || (&& (== net47) (>= dnxcore50)) (&& (== net47) (< net45) (>= netstandard1.6)) (== netcoreapp2.0)
      System.Resources.ResourceManager (>= 4.3) - restriction: || (&& (== net47) (>= dnxcore50)) (&& (== net47) (< net45) (>= netstandard1.6)) (== netcoreapp2.0)
      System.Runtime (>= 4.3) - restriction: || (&& (== net47) (>= dnxcore50)) (&& (== net47) (< net45)) (== netcoreapp2.0)
      System.Runtime.Extensions (>= 4.3) - restriction: || (&& (== net47) (>= dnxcore50)) (&& (== net47) (< net45) (>= netstandard1.6)) (== netcoreapp2.0)
    System.Linq.Expressions (4.3)
      System.Collections (>= 4.3) - restriction: || (&& (== net47) (>= dnxcore50)) (&& (== net47) (< net45) (>= netstandard1.6)) (== netcoreapp2.0)
      System.Diagnostics.Debug (>= 4.3) - restriction: || (&& (== net47) (>= dnxcore50)) (&& (== net47) (< net45) (>= netstandard1.6)) (== netcoreapp2.0)
      System.Globalization (>= 4.3) - restriction: || (&& (== net47) (>= dnxcore50)) (&& (== net47) (< net45) (>= netstandard1.6)) (== netcoreapp2.0)
      System.IO (>= 4.3) - restriction: || (&& (== net47) (>= dnxcore50)) (&& (== net47) (< net45) (>= netstandard1.6)) (== netcoreapp2.0)
      System.Linq (>= 4.3) - restriction: || (&& (== net47) (>= dnxcore50)) (&& (== net47) (< net45) (>= netstandard1.6)) (== netcoreapp2.0)
      System.ObjectModel (>= 4.3) - restriction: || (&& (== net47) (< net45) (>= netstandard1.6)) (== netcoreapp2.0)
      System.Reflection (>= 4.3) - restriction: || (&& (== net47) (>= dnxcore50)) (&& (== net47) (< net45)) (== netcoreapp2.0)
      System.Reflection.Emit (>= 4.3) - restriction: || (&& (== net47) (< net45) (>= netstandard1.6)) (== netcoreapp2.0)
      System.Reflection.Emit.ILGeneration (>= 4.3) - restriction: || (&& (== net47) (>= dnxcore50)) (&& (== net47) (< net45) (>= netstandard1.6)) (== netcoreapp2.0)
      System.Reflection.Emit.Lightweight (>= 4.3) - restriction: || (&& (== net47) (>= dnxcore50)) (&& (== net47) (< net45) (>= netstandard1.6)) (== netcoreapp2.0)
      System.Reflection.Extensions (>= 4.3) - restriction: || (&& (== net47) (>= dnxcore50)) (&& (== net47) (< net45) (>= netstandard1.6)) (== netcoreapp2.0)
      System.Reflection.Primitives (>= 4.3) - restriction: || (&& (== net47) (>= dnxcore50)) (&& (== net47) (< net45) (>= netstandard1.6)) (== netcoreapp2.0)
      System.Reflection.TypeExtensions (>= 4.3) - restriction: || (&& (== net47) (>= dnxcore50)) (&& (== net47) (< net45) (>= netstandard1.6)) (== netcoreapp2.0)
      System.Resources.ResourceManager (>= 4.3) - restriction: || (&& (== net47) (>= dnxcore50)) (&& (== net47) (< net45) (>= netstandard1.6)) (== netcoreapp2.0)
      System.Runtime (>= 4.3) - restriction: || (&& (== net47) (>= dnxcore50)) (&& (== net47) (< net45)) (== netcoreapp2.0)
      System.Runtime.Extensions (>= 4.3) - restriction: || (&& (== net47) (>= dnxcore50)) (&& (== net47) (< net45) (>= netstandard1.6)) (== netcoreapp2.0)
      System.Threading (>= 4.3) - restriction: || (&& (== net47) (>= dnxcore50)) (&& (== net47) (< net45) (>= netstandard1.6)) (== netcoreapp2.0)
    System.Linq.Queryable (4.3) - restriction: || (&& (== net47) (< net45) (>= netstandard1.6)) (== netcoreapp2.0)
      System.Collections (>= 4.3) - restriction: || (&& (== net47) (>= dnxcore50)) (&& (== net47) (< net45)) (== netcoreapp2.0)
      System.Diagnostics.Debug (>= 4.3) - restriction: || (&& (== net47) (>= dnxcore50)) (&& (== net47) (< net45)) (== netcoreapp2.0)
      System.Linq (>= 4.3) - restriction: || (&& (== net47) (>= dnxcore50)) (&& (== net47) (< net45)) (== netcoreapp2.0)
      System.Linq.Expressions (>= 4.3) - restriction: || (&& (== net47) (>= dnxcore50)) (&& (== net47) (< net45)) (== netcoreapp2.0)
      System.Reflection (>= 4.3) - restriction: || (&& (== net47) (>= dnxcore50)) (&& (== net47) (< net45)) (== netcoreapp2.0)
      System.Reflection.Extensions (>= 4.3) - restriction: || (&& (== net47) (>= dnxcore50)) (&& (== net47) (< net45)) (== netcoreapp2.0)
      System.Resources.ResourceManager (>= 4.3) - restriction: || (&& (== net47) (>= dnxcore50)) (&& (== net47) (< net45)) (== netcoreapp2.0)
      System.Runtime (>= 4.3) - restriction: || (&& (== net47) (>= dnxcore50)) (&& (== net47) (< net45)) (== netcoreapp2.0)
    System.Net.Http (4.3.3) - restriction: || (&& (== net47) (>= dnxcore50) (>= netstandard1.6)) (&& (== net47) (< net45) (>= netstandard1.6)) (== netcoreapp2.0)
      Microsoft.NETCore.Platforms (>= 1.1) - restriction: || (&& (== net47) (>= dnxcore50)) (&& (== net47) (< net45)) (== netcoreapp2.0)
      runtime.native.System (>= 4.3) - restriction: || (&& (== net47) (< net45) (>= netstandard1.6)) (== netcoreapp2.0)
      runtime.native.System.Net.Http (>= 4.3) - restriction: || (&& (== net47) (< net45) (>= netstandard1.6)) (== netcoreapp2.0)
      runtime.native.System.Security.Cryptography.OpenSsl (>= 4.3.2) - restriction: || (&& (== net47) (< net45) (>= netstandard1.6)) (== netcoreapp2.0)
      System.Collections (>= 4.3) - restriction: || (&& (== net47) (>= dnxcore50)) (&& (== net47) (< net45)) (== netcoreapp2.0)
      System.Diagnostics.Debug (>= 4.3) - restriction: || (&& (== net47) (>= dnxcore50)) (&& (== net47) (< net45)) (== netcoreapp2.0)
      System.Diagnostics.DiagnosticSource (>= 4.3) - restriction: || (&& (== net47) (>= dnxcore50)) (&& (== net47) (< net45)) (== netcoreapp2.0)
      System.Diagnostics.Tracing (>= 4.3) - restriction: || (&& (== net47) (>= dnxcore50)) (&& (== net47) (< net45)) (== netcoreapp2.0)
      System.Globalization (>= 4.3) - restriction: || (&& (== net47) (>= dnxcore50)) (&& (== net47) (< net45)) (== netcoreapp2.0)
      System.Globalization.Extensions (>= 4.3) - restriction: || (&& (== net47) (< net45) (>= netstandard1.6)) (== netcoreapp2.0)
      System.IO (>= 4.3) - restriction: || (&& (== net47) (>= dnxcore50)) (&& (== net47) (< net45)) (== netcoreapp2.0)
      System.IO.FileSystem (>= 4.3) - restriction: || (&& (== net47) (< net45) (>= netstandard1.6)) (== netcoreapp2.0)
      System.Net.Primitives (>= 4.3) - restriction: || (&& (== net47) (>= dnxcore50)) (&& (== net47) (< net45)) (== netcoreapp2.0)
      System.Resources.ResourceManager (>= 4.3) - restriction: || (&& (== net47) (>= dnxcore50)) (&& (== net47) (< net45)) (== netcoreapp2.0)
      System.Runtime (>= 4.3) - restriction: || (&& (== net47) (>= dnxcore50)) (&& (== net47) (< net45)) (== netcoreapp2.0)
      System.Runtime.Extensions (>= 4.3) - restriction: || (&& (== net47) (>= dnxcore50)) (&& (== net47) (< net45)) (== netcoreapp2.0)
      System.Runtime.Handles (>= 4.3) - restriction: || (&& (== net47) (< net45)) (== netcoreapp2.0)
      System.Runtime.InteropServices (>= 4.3) - restriction: || (&& (== net47) (>= dnxcore50)) (&& (== net47) (< net45)) (== netcoreapp2.0)
      System.Security.Cryptography.Algorithms (>= 4.3) - restriction: || (&& (== net47) (< net45) (>= netstandard1.6)) (== netcoreapp2.0)
      System.Security.Cryptography.Encoding (>= 4.3) - restriction: || (&& (== net47) (< net45)) (== netcoreapp2.0)
      System.Security.Cryptography.OpenSsl (>= 4.3) - restriction: || (&& (== net47) (< net45) (>= netstandard1.6)) (== netcoreapp2.0)
      System.Security.Cryptography.Primitives (>= 4.3) - restriction: || (&& (== net47) (< net45) (>= netstandard1.6)) (== netcoreapp2.0)
      System.Security.Cryptography.X509Certificates (>= 4.3)
      System.Text.Encoding (>= 4.3) - restriction: || (&& (== net47) (>= dnxcore50)) (&& (== net47) (< net45)) (== netcoreapp2.0)
      System.Threading (>= 4.3) - restriction: || (&& (== net47) (>= dnxcore50)) (&& (== net47) (< net45)) (== netcoreapp2.0)
      System.Threading.Tasks (>= 4.3) - restriction: || (&& (== net47) (>= dnxcore50)) (&& (== net47) (< net45)) (== netcoreapp2.0)
    System.Net.Primitives (4.3) - restriction: || (&& (== net47) (>= dnxcore50) (>= netstandard1.6)) (&& (== net47) (< net45) (>= netstandard1.6)) (&& (== net47) (< netstandard1.1) (>= netstandard1.6)) (== netcoreapp2.0)
      Microsoft.NETCore.Platforms (>= 1.1) - restriction: || (&& (== net47) (>= dnxcore50)) (&& (== net47) (< net45)) (&& (== net47) (< netstandard1.1)) (== netcoreapp2.0)
      Microsoft.NETCore.Targets (>= 1.1) - restriction: || (&& (== net47) (>= dnxcore50)) (&& (== net47) (< net45)) (&& (== net47) (< netstandard1.1)) (== netcoreapp2.0)
      System.Runtime (>= 4.3) - restriction: || (&& (== net47) (>= dnxcore50)) (&& (== net47) (< net45)) (&& (== net47) (< netstandard1.1)) (== netcoreapp2.0)
      System.Runtime.Handles (>= 4.3) - restriction: || (&& (== net47) (>= dnxcore50)) (&& (== net47) (< net45)) (== netcoreapp2.0)
    System.Net.Requests (4.3) - restriction: || (&& (== net47) (< net45) (>= netstandard1.6)) (== netcoreapp2.0)
      Microsoft.NETCore.Platforms (>= 1.1) - restriction: || (&& (== net47) (< net45)) (== netcoreapp2.0)
      System.Collections (>= 4.3) - restriction: || (&& (== net47) (>= dnxcore50)) (&& (== net47) (< net45)) (== netcoreapp2.0)
      System.Diagnostics.Debug (>= 4.3) - restriction: || (&& (== net47) (>= dnxcore50)) (&& (== net47) (< net45)) (== netcoreapp2.0)
      System.Diagnostics.Tracing (>= 4.3) - restriction: || (&& (== net47) (>= dnxcore50)) (&& (== net47) (< net45)) (== netcoreapp2.0)
      System.Globalization (>= 4.3) - restriction: || (&& (== net47) (>= dnxcore50)) (&& (== net47) (< net45)) (== netcoreapp2.0)
      System.IO (>= 4.3) - restriction: || (&& (== net47) (>= dnxcore50)) (&& (== net47) (< net45)) (&& (== net47) (< netstandard1.1)) (== netcoreapp2.0)
      System.Net.Http (>= 4.3) - restriction: || (&& (== net47) (>= dnxcore50)) (&& (== net47) (< net45)) (== netcoreapp2.0)
      System.Net.Primitives (>= 4.3) - restriction: || (&& (== net47) (>= dnxcore50)) (&& (== net47) (< net45)) (&& (== net47) (< netstandard1.1)) (== netcoreapp2.0)
      System.Net.WebHeaderCollection (>= 4.3) - restriction: || (&& (== net47) (>= dnxcore50)) (&& (== net47) (< net45)) (== netcoreapp2.0)
      System.Resources.ResourceManager (>= 4.3) - restriction: || (&& (== net47) (>= dnxcore50)) (&& (== net47) (< net45)) (== netcoreapp2.0)
      System.Runtime (>= 4.3) - restriction: || (&& (== net47) (>= dnxcore50)) (&& (== net47) (< net45)) (&& (== net47) (< netstandard1.1)) (== netcoreapp2.0)
      System.Threading (>= 4.3) - restriction: || (&& (== net47) (>= dnxcore50)) (&& (== net47) (< net45)) (== netcoreapp2.0)
      System.Threading.Tasks (>= 4.3) - restriction: || (&& (== net47) (>= dnxcore50)) (&& (== net47) (< net45)) (== netcoreapp2.0)
    System.Net.WebHeaderCollection (4.3) - restriction: || (&& (== net47) (>= dnxcore50) (>= netstandard1.6)) (&& (== net47) (< net45) (>= netstandard1.6)) (== netcoreapp2.0)
      System.Collections (>= 4.3) - restriction: || (&& (== net47) (< net46)) (== netcoreapp2.0)
      System.Resources.ResourceManager (>= 4.3) - restriction: || (&& (== net47) (< net46)) (== netcoreapp2.0)
      System.Runtime (>= 4.3) - restriction: || (&& (== net47) (< net46)) (== netcoreapp2.0)
      System.Runtime.Extensions (>= 4.3) - restriction: || (&& (== net47) (< net46)) (== netcoreapp2.0)
    System.ObjectModel (4.3) - restriction: || (&& (== net47) (>= dnxcore50)) (&& (== net47) (< net45)) (== netcoreapp2.0)
      System.Collections (>= 4.3) - restriction: || (&& (== net47) (>= dnxcore50)) (&& (== net47) (< net45)) (== netcoreapp2.0)
      System.Diagnostics.Debug (>= 4.3) - restriction: || (&& (== net47) (>= dnxcore50)) (&& (== net47) (< net45)) (== netcoreapp2.0)
      System.Resources.ResourceManager (>= 4.3) - restriction: || (&& (== net47) (>= dnxcore50)) (&& (== net47) (< net45)) (== netcoreapp2.0)
      System.Runtime (>= 4.3) - restriction: || (&& (== net47) (>= dnxcore50)) (&& (== net47) (< net45)) (== netcoreapp2.0)
      System.Threading (>= 4.3) - restriction: || (&& (== net47) (>= dnxcore50)) (&& (== net47) (< net45)) (== netcoreapp2.0)
    System.Reflection (4.3)
      Microsoft.NETCore.Platforms (>= 1.1) - restriction: || (&& (== net47) (>= dnxcore50)) (&& (== net47) (< net45)) (== netcoreapp2.0)
      Microsoft.NETCore.Targets (>= 1.1) - restriction: || (&& (== net47) (>= dnxcore50)) (&& (== net47) (< net45)) (== netcoreapp2.0)
      System.IO (>= 4.3) - restriction: || (&& (== net47) (>= dnxcore50)) (&& (== net47) (< net45)) (== netcoreapp2.0)
      System.Reflection.Primitives (>= 4.3) - restriction: || (&& (== net47) (>= dnxcore50)) (&& (== net47) (< net45)) (== netcoreapp2.0)
      System.Runtime (>= 4.3) - restriction: || (&& (== net47) (>= dnxcore50)) (&& (== net47) (< net45)) (== netcoreapp2.0)
    System.Reflection.Emit (4.3) - restriction: || (&& (== net47) (< net45)) (== netcoreapp2.0)
      System.IO (>= 4.3) - restriction: || (&& (== net47) (< net45)) (== netcoreapp2.0)
      System.Reflection (>= 4.3) - restriction: || (&& (== net47) (< net45)) (== netcoreapp2.0)
      System.Reflection.Emit.ILGeneration (>= 4.3) - restriction: || (&& (== net47) (< net45)) (== netcoreapp2.0)
      System.Reflection.Primitives (>= 4.3) - restriction: || (&& (== net47) (< net45)) (== netcoreapp2.0)
      System.Runtime (>= 4.3) - restriction: || (&& (== net47) (< net45)) (== netcoreapp2.0)
    System.Reflection.Emit.ILGeneration (4.3) - restriction: || (&& (== net47) (>= dnxcore50)) (&& (== net47) (< net45)) (== netcoreapp2.0)
      System.Reflection (>= 4.3) - restriction: || (&& (== net47) (< net45)) (== netcoreapp2.0)
      System.Reflection.Primitives (>= 4.3) - restriction: || (&& (== net47) (< net45)) (== netcoreapp2.0)
      System.Runtime (>= 4.3) - restriction: || (&& (== net47) (< net45)) (== netcoreapp2.0)
    System.Reflection.Emit.Lightweight (4.3) - restriction: || (&& (== net47) (>= dnxcore50)) (&& (== net47) (< net45) (>= netstandard1.6)) (== netcoreapp2.0)
      System.Reflection (>= 4.3) - restriction: || (&& (== net47) (< net45)) (== netcoreapp2.0)
      System.Reflection.Emit.ILGeneration (>= 4.3) - restriction: || (&& (== net47) (< net45)) (== netcoreapp2.0)
      System.Reflection.Primitives (>= 4.3) - restriction: || (&& (== net47) (< net45)) (== netcoreapp2.0)
      System.Runtime (>= 4.3) - restriction: || (&& (== net47) (< net45)) (== netcoreapp2.0)
    System.Reflection.Extensions (4.3) - restriction: || (&& (== net47) (>= dnxcore50)) (&& (== net47) (< net45) (>= netstandard1.6)) (== netcoreapp2.0)
      Microsoft.NETCore.Platforms (>= 1.1) - restriction: || (&& (== net47) (>= dnxcore50)) (&& (== net47) (< net45)) (== netcoreapp2.0)
      Microsoft.NETCore.Targets (>= 1.1) - restriction: || (&& (== net47) (>= dnxcore50)) (&& (== net47) (< net45)) (== netcoreapp2.0)
      System.Reflection (>= 4.3) - restriction: || (&& (== net47) (>= dnxcore50)) (&& (== net47) (< net45)) (== netcoreapp2.0)
      System.Runtime (>= 4.3) - restriction: || (&& (== net47) (>= dnxcore50)) (&& (== net47) (< net45)) (== netcoreapp2.0)
    System.Reflection.Metadata (1.5)
      NETStandard.Library (>= 1.6.1) - restriction: || (== net47) (&& (== netcoreapp2.0) (< netstandard2.0))
      System.Collections.Immutable (>= 1.4) - restriction: || (== net47) (&& (== netcoreapp2.0) (>= monotouch)) (&& (== netcoreapp2.0) (< netstandard1.1)) (&& (== netcoreapp2.0) (< netstandard2.0)) (&& (== netcoreapp2.0) (< portable-net45+win8)) (&& (== netcoreapp2.0) (>= xamarinios)) (&& (== netcoreapp2.0) (>= xamarinmac)) (&& (== netcoreapp2.0) (>= xamarintvos)) (&& (== netcoreapp2.0) (>= xamarinwatchos))
    System.Reflection.Primitives (4.3) - restriction: || (&& (== net47) (>= dnxcore50)) (&& (== net47) (< net45)) (&& (== net47) (>= netcoreapp1.1)) (== netcoreapp2.0)
      Microsoft.NETCore.Platforms (>= 1.1) - restriction: || (&& (== net47) (>= dnxcore50)) (&& (== net47) (< net45)) (== netcoreapp2.0)
      Microsoft.NETCore.Targets (>= 1.1) - restriction: || (&& (== net47) (>= dnxcore50)) (&& (== net47) (< net45)) (== netcoreapp2.0)
      System.Runtime (>= 4.3) - restriction: || (&& (== net47) (>= dnxcore50)) (&& (== net47) (< net45)) (== netcoreapp2.0)
    System.Reflection.TypeExtensions (4.4) - restriction: || (&& (== net47) (>= dnxcore50)) (&& (== net47) (< net45)) (== netcoreapp2.0)
    System.Resources.ResourceManager (4.3)
      Microsoft.NETCore.Platforms (>= 1.1) - restriction: || (&& (== net47) (>= dnxcore50)) (&& (== net47) (< net45)) (== netcoreapp2.0)
      Microsoft.NETCore.Targets (>= 1.1) - restriction: || (&& (== net47) (>= dnxcore50)) (&& (== net47) (< net45)) (== netcoreapp2.0)
      System.Globalization (>= 4.3) - restriction: || (&& (== net47) (>= dnxcore50)) (&& (== net47) (< net45)) (== netcoreapp2.0)
      System.Reflection (>= 4.3) - restriction: || (&& (== net47) (>= dnxcore50)) (&& (== net47) (< net45)) (== netcoreapp2.0)
      System.Runtime (>= 4.3) - restriction: || (&& (== net47) (>= dnxcore50)) (&& (== net47) (< net45)) (== netcoreapp2.0)
    System.Runtime (4.3)
      Microsoft.NETCore.Platforms (>= 1.1) - restriction: || (&& (== net47) (>= dnxcore50)) (&& (== net47) (< net45)) (== netcoreapp2.0)
      Microsoft.NETCore.Targets (>= 1.1) - restriction: || (&& (== net47) (>= dnxcore50)) (&& (== net47) (< net45)) (== netcoreapp2.0)
    System.Runtime.Extensions (4.3)
      Microsoft.NETCore.Platforms (>= 1.1) - restriction: || (&& (== net47) (>= dnxcore50)) (&& (== net47) (< net45)) (== netcoreapp2.0)
      Microsoft.NETCore.Targets (>= 1.1) - restriction: || (&& (== net47) (>= dnxcore50)) (&& (== net47) (< net45)) (== netcoreapp2.0)
      System.Runtime (>= 4.3) - restriction: || (&& (== net47) (>= dnxcore50)) (&& (== net47) (< net45)) (== netcoreapp2.0)
    System.Runtime.Handles (4.3) - restriction: || (&& (== net47) (>= dnxcore50)) (&& (== net47) (< net45)) (&& (== net47) (< net46)) (&& (== net47) (>= netcoreapp1.1)) (== netcoreapp2.0)
      Microsoft.NETCore.Platforms (>= 1.1) - restriction: || (&& (== net47) (< net46)) (== netcoreapp2.0)
      Microsoft.NETCore.Targets (>= 1.1) - restriction: || (&& (== net47) (< net46)) (== netcoreapp2.0)
      System.Runtime (>= 4.3) - restriction: || (&& (== net47) (< net46)) (== netcoreapp2.0)
    System.Runtime.InteropServices (4.3)
      Microsoft.NETCore.Platforms (>= 1.1) - restriction: || (&& (== net47) (>= dnxcore50)) (&& (== net47) (< net45)) (&& (== net47) (>= netcoreapp1.1)) (== netcoreapp2.0)
      Microsoft.NETCore.Targets (>= 1.1) - restriction: || (&& (== net47) (>= dnxcore50)) (&& (== net47) (< net45)) (&& (== net47) (>= netcoreapp1.1)) (== netcoreapp2.0)
      System.Reflection (>= 4.3) - restriction: || (&& (== net47) (>= dnxcore50)) (&& (== net47) (< net45)) (&& (== net47) (>= netcoreapp1.1)) (== netcoreapp2.0)
      System.Reflection.Primitives (>= 4.3) - restriction: || (&& (== net47) (>= dnxcore50)) (&& (== net47) (< net45)) (&& (== net47) (>= netcoreapp1.1)) (== netcoreapp2.0)
      System.Runtime (>= 4.3)
      System.Runtime.Handles (>= 4.3) - restriction: || (&& (== net47) (>= dnxcore50)) (&& (== net47) (< net45)) (&& (== net47) (>= netcoreapp1.1)) (== netcoreapp2.0)
    System.Runtime.Numerics (4.3)
      System.Globalization (>= 4.3) - restriction: || (&& (== net47) (>= dnxcore50)) (&& (== net47) (< net45)) (== netcoreapp2.0)
      System.Resources.ResourceManager (>= 4.3) - restriction: || (&& (== net47) (>= dnxcore50)) (&& (== net47) (< net45)) (== netcoreapp2.0)
      System.Runtime (>= 4.3) - restriction: || (&& (== net47) (>= dnxcore50)) (&& (== net47) (< net45)) (== netcoreapp2.0)
      System.Runtime.Extensions (>= 4.3) - restriction: || (&& (== net47) (>= dnxcore50)) (&& (== net47) (< net45)) (== netcoreapp2.0)
    System.Security.Cryptography.Algorithms (4.3.1)
      Microsoft.NETCore.Platforms (>= 1.1) - restriction: || (&& (== net47) (>= dnxcore50)) (&& (== net47) (< net46) (>= netstandard1.6)) (== netcoreapp2.0)
      runtime.native.System.Security.Cryptography.Apple (>= 4.3.1) - restriction: || (&& (== net47) (< net46) (>= netstandard1.6)) (== netcoreapp2.0)
      runtime.native.System.Security.Cryptography.OpenSsl (>= 4.3.2) - restriction: || (&& (== net47) (< net46) (>= netstandard1.6)) (== netcoreapp2.0)
      System.Collections (>= 4.3) - restriction: || (&& (== net47) (< net46) (>= netstandard1.6)) (== netcoreapp2.0)
      System.IO (>= 4.3)
      System.Resources.ResourceManager (>= 4.3) - restriction: || (&& (== net47) (>= dnxcore50)) (&& (== net47) (< net46) (>= netstandard1.6)) (== netcoreapp2.0)
      System.Runtime (>= 4.3)
      System.Runtime.Extensions (>= 4.3) - restriction: || (&& (== net47) (>= dnxcore50)) (&& (== net47) (< net46) (>= netstandard1.6)) (== netcoreapp2.0)
      System.Runtime.Handles (>= 4.3) - restriction: || (&& (== net47) (>= dnxcore50)) (&& (== net47) (< net46) (>= netstandard1.6)) (== netcoreapp2.0)
      System.Runtime.InteropServices (>= 4.3) - restriction: || (&& (== net47) (>= dnxcore50)) (&& (== net47) (< net46) (>= netstandard1.6)) (== netcoreapp2.0)
      System.Runtime.Numerics (>= 4.3) - restriction: || (&& (== net47) (< net46) (>= netstandard1.6)) (== netcoreapp2.0)
      System.Security.Cryptography.Encoding (>= 4.3)
      System.Security.Cryptography.Primitives (>= 4.3)
      System.Text.Encoding (>= 4.3) - restriction: || (&& (== net47) (>= dnxcore50)) (&& (== net47) (< net46) (>= netstandard1.6)) (== netcoreapp2.0)
    System.Security.Cryptography.Cng (4.4) - restriction: || (&& (== net47) (>= dnxcore50)) (&& (== net47) (< net46) (>= netstandard1.6)) (== netcoreapp2.0)
      Microsoft.NETCore.Platforms (>= 2.0) - restriction: || (&& (== net47) (>= netcoreapp2.0)) (== netcoreapp2.0)
    System.Security.Cryptography.Csp (4.3) - restriction: || (&& (== net47) (< net46) (>= netstandard1.6)) (== netcoreapp2.0)
      Microsoft.NETCore.Platforms (>= 1.1) - restriction: || (&& (== net47) (< net46)) (== netcoreapp2.0)
      System.IO (>= 4.3) - restriction: || (&& (== net47) (< net46)) (== netcoreapp2.0)
      System.Reflection (>= 4.3) - restriction: || (&& (== net47) (< net46)) (== netcoreapp2.0)
      System.Resources.ResourceManager (>= 4.3) - restriction: || (&& (== net47) (< net46)) (== netcoreapp2.0)
      System.Runtime (>= 4.3) - restriction: || (&& (== net47) (< net46)) (== netcoreapp2.0)
      System.Runtime.Extensions (>= 4.3) - restriction: || (&& (== net47) (< net46)) (== netcoreapp2.0)
      System.Runtime.Handles (>= 4.3) - restriction: || (&& (== net47) (< net46)) (== netcoreapp2.0)
      System.Runtime.InteropServices (>= 4.3) - restriction: || (&& (== net47) (< net46)) (== netcoreapp2.0)
      System.Security.Cryptography.Algorithms (>= 4.3)
      System.Security.Cryptography.Encoding (>= 4.3) - restriction: || (&& (== net47) (< net46)) (== netcoreapp2.0)
      System.Security.Cryptography.Primitives (>= 4.3)
      System.Text.Encoding (>= 4.3) - restriction: || (&& (== net47) (< net46)) (== netcoreapp2.0)
      System.Threading (>= 4.3) - restriction: || (&& (== net47) (< net46)) (== netcoreapp2.0)
    System.Security.Cryptography.Encoding (4.3)
      Microsoft.NETCore.Platforms (>= 1.1) - restriction: || (&& (== net47) (< net46)) (== netcoreapp2.0)
      runtime.native.System.Security.Cryptography.OpenSsl (>= 4.3) - restriction: || (&& (== net47) (< net46)) (== netcoreapp2.0)
      System.Collections (>= 4.3) - restriction: || (&& (== net47) (< net46)) (== netcoreapp2.0)
      System.Collections.Concurrent (>= 4.3) - restriction: || (&& (== net47) (< net46)) (== netcoreapp2.0)
      System.Linq (>= 4.3) - restriction: || (&& (== net47) (< net46)) (== netcoreapp2.0)
      System.Resources.ResourceManager (>= 4.3) - restriction: || (&& (== net47) (< net46)) (== netcoreapp2.0)
      System.Runtime (>= 4.3) - restriction: || (&& (== net47) (< net46)) (== netcoreapp2.0)
      System.Runtime.Extensions (>= 4.3) - restriction: || (&& (== net47) (< net46)) (== netcoreapp2.0)
      System.Runtime.Handles (>= 4.3) - restriction: || (&& (== net47) (< net46)) (== netcoreapp2.0)
      System.Runtime.InteropServices (>= 4.3) - restriction: || (&& (== net47) (< net46)) (== netcoreapp2.0)
      System.Security.Cryptography.Primitives (>= 4.3) - restriction: || (&& (== net47) (< net46)) (== netcoreapp2.0)
      System.Text.Encoding (>= 4.3) - restriction: || (&& (== net47) (< net46)) (== netcoreapp2.0)
    System.Security.Cryptography.OpenSsl (4.4) - restriction: || (&& (== net47) (>= dnxcore50) (>= netstandard1.6)) (&& (== net47) (< net45) (>= netstandard1.6)) (&& (== net47) (< net46) (>= netstandard1.6)) (== netcoreapp2.0)
      Microsoft.NETCore.Platforms (>= 2.0) - restriction: || (&& (== net47) (>= netcoreapp2.0)) (== netcoreapp2.0)
    System.Security.Cryptography.Primitives (4.3)
      System.Diagnostics.Debug (>= 4.3) - restriction: || (&& (== net47) (< net46)) (== netcoreapp2.0)
      System.Globalization (>= 4.3) - restriction: || (&& (== net47) (< net46)) (== netcoreapp2.0)
      System.IO (>= 4.3) - restriction: || (&& (== net47) (< net46)) (== netcoreapp2.0)
      System.Resources.ResourceManager (>= 4.3) - restriction: || (&& (== net47) (< net46)) (== netcoreapp2.0)
      System.Runtime (>= 4.3) - restriction: || (&& (== net47) (< net46)) (== netcoreapp2.0)
      System.Threading (>= 4.3) - restriction: || (&& (== net47) (< net46)) (== netcoreapp2.0)
      System.Threading.Tasks (>= 4.3) - restriction: || (&& (== net47) (< net46)) (== netcoreapp2.0)
    System.Security.Cryptography.ProtectedData (4.4) - restriction: || (&& (== net47) (< net461) (>= netstandard2.0)) (&& (== net47) (>= netcoreapp2.0)) (== netcoreapp2.0)
    System.Security.Cryptography.X509Certificates (4.3.2)
      Microsoft.NETCore.Platforms (>= 1.1) - restriction: || (&& (== net47) (>= dnxcore50)) (&& (== net47) (< net46) (>= netstandard1.6)) (== netcoreapp2.0)
      runtime.native.System (>= 4.3) - restriction: || (&& (== net47) (< net46) (>= netstandard1.6)) (== netcoreapp2.0)
      runtime.native.System.Net.Http (>= 4.3) - restriction: || (&& (== net47) (< net46) (>= netstandard1.6)) (== netcoreapp2.0)
      runtime.native.System.Security.Cryptography.OpenSsl (>= 4.3.2) - restriction: || (&& (== net47) (< net46) (>= netstandard1.6)) (== netcoreapp2.0)
      System.Collections (>= 4.3) - restriction: || (&& (== net47) (>= dnxcore50)) (&& (== net47) (< net46) (>= netstandard1.6)) (== netcoreapp2.0)
      System.Diagnostics.Debug (>= 4.3) - restriction: || (&& (== net47) (< net46) (>= netstandard1.6)) (== netcoreapp2.0)
      System.Globalization (>= 4.3) - restriction: || (&& (== net47) (>= dnxcore50)) (&& (== net47) (< net46) (>= netstandard1.6)) (== netcoreapp2.0)
      System.Globalization.Calendars (>= 4.3) - restriction: || (&& (== net47) (>= dnxcore50)) (&& (== net47) (< net46) (>= netstandard1.6)) (== netcoreapp2.0)
      System.IO (>= 4.3) - restriction: || (&& (== net47) (>= dnxcore50)) (&& (== net47) (< net46) (>= netstandard1.6)) (== netcoreapp2.0)
      System.IO.FileSystem (>= 4.3) - restriction: || (&& (== net47) (>= dnxcore50)) (&& (== net47) (< net46) (>= netstandard1.6)) (== netcoreapp2.0)
      System.IO.FileSystem.Primitives (>= 4.3) - restriction: || (&& (== net47) (< net46) (>= netstandard1.6)) (== netcoreapp2.0)
      System.Resources.ResourceManager (>= 4.3) - restriction: || (&& (== net47) (>= dnxcore50)) (&& (== net47) (< net46) (>= netstandard1.6)) (== netcoreapp2.0)
      System.Runtime (>= 4.3) - restriction: || (&& (== net47) (>= dnxcore50)) (&& (== net47) (< net46)) (== netcoreapp2.0)
      System.Runtime.Extensions (>= 4.3) - restriction: || (&& (== net47) (>= dnxcore50)) (&& (== net47) (< net46) (>= netstandard1.6)) (== netcoreapp2.0)
      System.Runtime.Handles (>= 4.3) - restriction: || (&& (== net47) (>= dnxcore50)) (&& (== net47) (< net46)) (== netcoreapp2.0)
      System.Runtime.InteropServices (>= 4.3) - restriction: || (&& (== net47) (>= dnxcore50)) (&& (== net47) (< net46) (>= netstandard1.6)) (== netcoreapp2.0)
      System.Runtime.Numerics (>= 4.3) - restriction: || (&& (== net47) (>= dnxcore50)) (&& (== net47) (< net46) (>= netstandard1.6)) (== netcoreapp2.0)
      System.Security.Cryptography.Algorithms (>= 4.3)
      System.Security.Cryptography.Cng (>= 4.3) - restriction: || (&& (== net47) (>= dnxcore50)) (&& (== net47) (< net46) (>= netstandard1.6)) (== netcoreapp2.0)
      System.Security.Cryptography.Csp (>= 4.3) - restriction: || (&& (== net47) (< net46) (>= netstandard1.6)) (== netcoreapp2.0)
      System.Security.Cryptography.Encoding (>= 4.3)
      System.Security.Cryptography.OpenSsl (>= 4.3) - restriction: || (&& (== net47) (< net46) (>= netstandard1.6)) (== netcoreapp2.0)
      System.Security.Cryptography.Primitives (>= 4.3) - restriction: || (&& (== net47) (>= dnxcore50)) (&& (== net47) (< net46) (>= netstandard1.6)) (== netcoreapp2.0)
      System.Text.Encoding (>= 4.3) - restriction: || (&& (== net47) (>= dnxcore50)) (&& (== net47) (< net46) (>= netstandard1.6)) (== netcoreapp2.0)
      System.Threading (>= 4.3) - restriction: || (&& (== net47) (>= dnxcore50)) (&& (== net47) (< net46) (>= netstandard1.6)) (== netcoreapp2.0)
    System.Text.Encoding (4.3)
      Microsoft.NETCore.Platforms (>= 1.1) - restriction: || (&& (== net47) (>= dnxcore50)) (&& (== net47) (< net45)) (== netcoreapp2.0)
      Microsoft.NETCore.Targets (>= 1.1) - restriction: || (&& (== net47) (>= dnxcore50)) (&& (== net47) (< net45)) (== netcoreapp2.0)
      System.Runtime (>= 4.3) - restriction: || (&& (== net47) (>= dnxcore50)) (&& (== net47) (< net45)) (== netcoreapp2.0)
    System.Text.Encoding.CodePages (4.4)
      Microsoft.NETCore.Platforms (>= 2.0) - restriction: || (&& (== net47) (>= netcoreapp2.0)) (== netcoreapp2.0)
    System.Text.Encoding.Extensions (4.3)
      Microsoft.NETCore.Platforms (>= 1.1) - restriction: || (&& (== net47) (>= dnxcore50)) (&& (== net47) (< net45)) (== netcoreapp2.0)
      Microsoft.NETCore.Targets (>= 1.1) - restriction: || (&& (== net47) (>= dnxcore50)) (&& (== net47) (< net45)) (== netcoreapp2.0)
      System.Runtime (>= 4.3) - restriction: || (&& (== net47) (>= dnxcore50)) (&& (== net47) (< net45)) (== netcoreapp2.0)
      System.Text.Encoding (>= 4.3) - restriction: || (&& (== net47) (>= dnxcore50)) (&& (== net47) (< net45)) (== netcoreapp2.0)
    System.Text.RegularExpressions (4.3) - restriction: || (&& (== net47) (>= dnxcore50)) (&& (== net47) (< net45)) (== netcoreapp2.0)
      System.Runtime (>= 4.3) - restriction: || (&& (== net47) (>= dnxcore50)) (&& (== net47) (< net45)) (&& (== net47) (>= netcoreapp1.1)) (== netcoreapp2.0)
    System.Threading (4.3)
      System.Runtime (>= 4.3) - restriction: || (&& (== net47) (>= dnxcore50)) (&& (== net47) (< net45)) (== netcoreapp2.0)
      System.Threading.Tasks (>= 4.3) - restriction: || (&& (== net47) (>= dnxcore50)) (&& (== net47) (< net45)) (== netcoreapp2.0)
    System.Threading.Tasks (4.3)
      Microsoft.NETCore.Platforms (>= 1.1) - restriction: || (&& (== net47) (>= dnxcore50)) (&& (== net47) (< net45)) (== netcoreapp2.0)
      Microsoft.NETCore.Targets (>= 1.1) - restriction: || (&& (== net47) (>= dnxcore50)) (&& (== net47) (< net45)) (== netcoreapp2.0)
      System.Runtime (>= 4.3) - restriction: || (&& (== net47) (>= dnxcore50)) (&& (== net47) (< net45)) (== netcoreapp2.0)
    System.Threading.Tasks.Extensions (4.4) - restriction: || (&& (== net47) (>= dnxcore50)) (&& (== net47) (< net45)) (== netcoreapp2.0)
    System.Threading.Tasks.Parallel (4.3)
      System.Collections.Concurrent (>= 4.3) - restriction: || (&& (== net47) (>= dnxcore50)) (&& (== net47) (< net45)) (== netcoreapp2.0)
      System.Diagnostics.Debug (>= 4.3) - restriction: || (&& (== net47) (>= dnxcore50)) (&& (== net47) (< net45)) (== netcoreapp2.0)
      System.Diagnostics.Tracing (>= 4.3) - restriction: || (&& (== net47) (>= dnxcore50)) (&& (== net47) (< net45)) (== netcoreapp2.0)
      System.Resources.ResourceManager (>= 4.3) - restriction: || (&& (== net47) (>= dnxcore50)) (&& (== net47) (< net45)) (== netcoreapp2.0)
      System.Runtime (>= 4.3) - restriction: || (&& (== net47) (>= dnxcore50)) (&& (== net47) (< net45)) (== netcoreapp2.0)
      System.Runtime.Extensions (>= 4.3) - restriction: || (&& (== net47) (>= dnxcore50)) (&& (== net47) (< net45)) (== netcoreapp2.0)
      System.Threading (>= 4.3) - restriction: || (&& (== net47) (>= dnxcore50)) (&& (== net47) (< net45)) (== netcoreapp2.0)
      System.Threading.Tasks (>= 4.3) - restriction: || (&& (== net47) (>= dnxcore50)) (&& (== net47) (< net45)) (== netcoreapp2.0)
    System.Threading.Thread (4.3)
      System.Runtime (>= 4.3) - restriction: || (&& (== net47) (< net46)) (== netcoreapp2.0)
    System.Threading.ThreadPool (4.3) - restriction: || (&& (== net47) (< net45) (>= netstandard1.6)) (== netcoreapp2.0)
      System.Runtime (>= 4.3) - restriction: || (&& (== net47) (< net46)) (== netcoreapp2.0)
      System.Runtime.Handles (>= 4.3) - restriction: || (&& (== net47) (< net46)) (== netcoreapp2.0)
    System.Threading.Timer (4.3) - restriction: || (&& (== net47) (< net45) (>= netstandard1.6)) (== netcoreapp2.0)
      Microsoft.NETCore.Platforms (>= 1.1) - restriction: || (&& (== net47) (>= dnxcore50)) (&& (== net47) (< net451)) (== netcoreapp2.0)
      Microsoft.NETCore.Targets (>= 1.1) - restriction: || (&& (== net47) (>= dnxcore50)) (&& (== net47) (< net451)) (== netcoreapp2.0)
      System.Runtime (>= 4.3) - restriction: || (&& (== net47) (>= dnxcore50)) (&& (== net47) (< net451)) (== netcoreapp2.0)
    System.ValueTuple (4.4)
    System.Xml.ReaderWriter (4.3)
      System.Collections (>= 4.3) - restriction: || (&& (== net47) (>= dnxcore50)) (&& (== net47) (< net45)) (== netcoreapp2.0)
      System.Diagnostics.Debug (>= 4.3) - restriction: || (&& (== net47) (>= dnxcore50)) (&& (== net47) (< net45)) (== netcoreapp2.0)
      System.Globalization (>= 4.3) - restriction: || (&& (== net47) (>= dnxcore50)) (&& (== net47) (< net45)) (== netcoreapp2.0)
      System.IO (>= 4.3) - restriction: || (&& (== net47) (>= dnxcore50)) (&& (== net47) (< net45)) (== netcoreapp2.0)
      System.IO.FileSystem (>= 4.3) - restriction: || (&& (== net47) (>= dnxcore50)) (&& (== net47) (< net45)) (== netcoreapp2.0)
      System.IO.FileSystem.Primitives (>= 4.3) - restriction: || (&& (== net47) (>= dnxcore50)) (&& (== net47) (< net45)) (== netcoreapp2.0)
      System.Resources.ResourceManager (>= 4.3) - restriction: || (&& (== net47) (>= dnxcore50)) (&& (== net47) (< net45)) (== netcoreapp2.0)
      System.Runtime (>= 4.3) - restriction: || (&& (== net47) (>= dnxcore50)) (&& (== net47) (< net45)) (== netcoreapp2.0)
      System.Runtime.Extensions (>= 4.3) - restriction: || (&& (== net47) (>= dnxcore50)) (&& (== net47) (< net45)) (== netcoreapp2.0)
      System.Runtime.InteropServices (>= 4.3) - restriction: || (&& (== net47) (>= dnxcore50)) (&& (== net47) (< net45)) (== netcoreapp2.0)
      System.Text.Encoding (>= 4.3) - restriction: || (&& (== net47) (>= dnxcore50)) (&& (== net47) (< net45)) (== netcoreapp2.0)
      System.Text.Encoding.Extensions (>= 4.3) - restriction: || (&& (== net47) (>= dnxcore50)) (&& (== net47) (< net45)) (== netcoreapp2.0)
      System.Text.RegularExpressions (>= 4.3) - restriction: || (&& (== net47) (>= dnxcore50)) (&& (== net47) (< net45)) (== netcoreapp2.0)
      System.Threading.Tasks (>= 4.3) - restriction: || (&& (== net47) (>= dnxcore50)) (&& (== net47) (< net45)) (== netcoreapp2.0)
      System.Threading.Tasks.Extensions (>= 4.3) - restriction: || (&& (== net47) (>= dnxcore50)) (&& (== net47) (< net45)) (== netcoreapp2.0)
    System.Xml.XDocument (4.3)
      System.Collections (>= 4.3) - restriction: || (&& (== net47) (>= dnxcore50)) (&& (== net47) (< net45)) (== netcoreapp2.0)
      System.Diagnostics.Debug (>= 4.3) - restriction: || (&& (== net47) (>= dnxcore50)) (&& (== net47) (< net45)) (== netcoreapp2.0)
      System.Diagnostics.Tools (>= 4.3) - restriction: || (&& (== net47) (>= dnxcore50)) (&& (== net47) (< net45)) (== netcoreapp2.0)
      System.Globalization (>= 4.3) - restriction: || (&& (== net47) (>= dnxcore50)) (&& (== net47) (< net45)) (== netcoreapp2.0)
      System.IO (>= 4.3) - restriction: || (&& (== net47) (>= dnxcore50)) (&& (== net47) (< net45)) (== netcoreapp2.0)
      System.Reflection (>= 4.3) - restriction: || (&& (== net47) (>= dnxcore50)) (&& (== net47) (< net45)) (== netcoreapp2.0)
      System.Resources.ResourceManager (>= 4.3) - restriction: || (&& (== net47) (>= dnxcore50)) (&& (== net47) (< net45)) (== netcoreapp2.0)
      System.Runtime (>= 4.3) - restriction: || (&& (== net47) (>= dnxcore50)) (&& (== net47) (< net45)) (== netcoreapp2.0)
      System.Runtime.Extensions (>= 4.3) - restriction: || (&& (== net47) (>= dnxcore50)) (&& (== net47) (< net45)) (== netcoreapp2.0)
      System.Text.Encoding (>= 4.3) - restriction: || (&& (== net47) (>= dnxcore50)) (&& (== net47) (< net45)) (== netcoreapp2.0)
      System.Threading (>= 4.3) - restriction: || (&& (== net47) (>= dnxcore50)) (&& (== net47) (< net45)) (== netcoreapp2.0)
      System.Xml.ReaderWriter (>= 4.3) - restriction: || (&& (== net47) (>= dnxcore50)) (&& (== net47) (< net45)) (== netcoreapp2.0)
    System.Xml.XmlDocument (4.3)
      System.Collections (>= 4.3) - restriction: || (&& (== net47) (< net46)) (== netcoreapp2.0)
      System.Diagnostics.Debug (>= 4.3) - restriction: || (&& (== net47) (< net46)) (== netcoreapp2.0)
      System.Globalization (>= 4.3) - restriction: || (&& (== net47) (< net46)) (== netcoreapp2.0)
      System.IO (>= 4.3) - restriction: || (&& (== net47) (< net46)) (== netcoreapp2.0)
      System.Resources.ResourceManager (>= 4.3) - restriction: || (&& (== net47) (< net46)) (== netcoreapp2.0)
      System.Runtime (>= 4.3) - restriction: || (&& (== net47) (< net46)) (== netcoreapp2.0)
      System.Runtime.Extensions (>= 4.3) - restriction: || (&& (== net47) (< net46)) (== netcoreapp2.0)
      System.Text.Encoding (>= 4.3) - restriction: || (&& (== net47) (< net46)) (== netcoreapp2.0)
      System.Threading (>= 4.3) - restriction: || (&& (== net47) (< net46)) (== netcoreapp2.0)
      System.Xml.ReaderWriter (>= 4.3) - restriction: || (&& (== net47) (< net46)) (== netcoreapp2.0)
    System.Xml.XPath (4.3)
      System.Collections (>= 4.3) - restriction: || (&& (== net47) (< net46)) (== netcoreapp2.0)
      System.Diagnostics.Debug (>= 4.3) - restriction: || (&& (== net47) (< net46)) (== netcoreapp2.0)
      System.Globalization (>= 4.3) - restriction: || (&& (== net47) (< net46)) (== netcoreapp2.0)
      System.IO (>= 4.3) - restriction: || (&& (== net47) (< net46)) (== netcoreapp2.0)
      System.Resources.ResourceManager (>= 4.3) - restriction: || (&& (== net47) (< net46)) (== netcoreapp2.0)
      System.Runtime (>= 4.3) - restriction: || (&& (== net47) (< net46)) (== netcoreapp2.0)
      System.Runtime.Extensions (>= 4.3) - restriction: || (&& (== net47) (< net46)) (== netcoreapp2.0)
      System.Threading (>= 4.3) - restriction: || (&& (== net47) (< net46)) (== netcoreapp2.0)
      System.Xml.ReaderWriter (>= 4.3) - restriction: || (&& (== net47) (< net46)) (== netcoreapp2.0)
    System.Xml.XPath.XDocument (4.3)
      System.Diagnostics.Debug (>= 4.3) - restriction: || (&& (== net47) (< net46)) (== netcoreapp2.0)
      System.Linq (>= 4.3) - restriction: || (&& (== net47) (< net46)) (== netcoreapp2.0)
      System.Resources.ResourceManager (>= 4.3) - restriction: || (&& (== net47) (< net46)) (== netcoreapp2.0)
      System.Runtime (>= 4.3) - restriction: || (&& (== net47) (< net46)) (== netcoreapp2.0)
      System.Runtime.Extensions (>= 4.3) - restriction: || (&& (== net47) (< net46)) (== netcoreapp2.0)
      System.Threading (>= 4.3) - restriction: || (&& (== net47) (< net46)) (== netcoreapp2.0)
      System.Xml.ReaderWriter (>= 4.3) - restriction: || (&& (== net47) (< net46)) (== netcoreapp2.0)
      System.Xml.XDocument (>= 4.3) - restriction: || (&& (== net47) (< net46)) (== netcoreapp2.0)
      System.Xml.XPath (>= 4.3)

GROUP build
RESTRICTION: == net47
NUGET
  remote: https://api.nuget.org/v3/index.json
    FAKE (4.64.3)
    Fantomas (2.6.1)
      FSharp.Compiler.Service (>= 11.0.4)
    FSharp.Compiler.Service (17.0.1)
      System.Collections.Immutable (>= 1.3.1)
      System.Reflection.Metadata (>= 1.4.2)
    Microsoft.NETCore.Platforms (2.0.1)
    NETStandard.Library (2.0.1)
      Microsoft.NETCore.Platforms (>= 1.1)
    System.Collections.Immutable (1.4)
      NETStandard.Library (>= 1.6.1)
    System.Reflection.Metadata (1.5)
      NETStandard.Library (>= 1.6.1)
      System.Collections.Immutable (>= 1.4)
