FRAMEWORK: NETCORE11
NUGET
  remote: https://api.nuget.org/v3/index.json
    Argu (3.7)
    Chessie (0.6)
    FAKE (4.60)
    Fantomas (2.6.1)
      FSharp.Compiler.Service (>= 11.0.4)
    FParsec (1.0.3-alpha-170404)
    FSharp.Compiler.Service (12.0.8)
    Microsoft.CodeAnalysis.Common (2.1)
    Microsoft.CodeAnalysis.CSharp (2.1)
      Microsoft.CodeAnalysis.Common (2.1)
